PATH
  remote: .
  specs:
    opt_parse_builder (0.2.0)

GEM
  remote: https://rubygems.org/
  specs:
    diff-lcs (1.6.2)
    rake (13.3.0)
    rspec (3.13.1)
      rspec-core (~> 3.13.0)
      rspec-expectations (~> 3.13.0)
      rspec-mocks (~> 3.13.0)
    rspec-core (3.13.5)
      rspec-support (~> 3.13.0)
    rspec-expectations (3.13.5)
      diff-lcs (>= 1.2.0, < 2.0)
      rspec-support (~> 3.13.0)
    rspec-mocks (3.13.5)
      diff-lcs (>= 1.2.0, < 2.0)
      rspec-support (~> 3.13.0)
    rspec-support (3.13.4)

PLATFORMS
  ruby

DEPENDENCIES
  bundler (~> 2.1)
  opt_parse_builder!
  rake (~> 13.0)
  rspec (~> 3.10)

BUNDLED WITH
   2.6.9
